FRAMEWORK: NET46
NUGET
  remote: https://www.nuget.org/api/v2
    DotLiquid (2.0.64)
    FAKE (4.50)
    FSharp.Core (4.0.0.1)
    Newtonsoft.Json (9.0.1)
    Suave (2.0.2)
      FSharp.Core (>= 4.0.0.1)
    Suave.DotLiquid (2.0.2)
      DotLiquid (>= 2.0.64)
      FSharp.Core (>= 4.0.0.1)
      Suave (>= 2.0.2)
    Suave.Experimental (2.0.2)
      FSharp.Core (>= 4.0.0.1)
      Suave (>= 2.0.2)
