NUGET
  remote: https://www.nuget.org/api/v2
    DotLiquid (2.0.55)
    FSharp.Core (4.0.0.1)
    Suave (1.1.3)
      FSharp.Core (>= 3.1.2.5)
    Suave.DotLiquid (1.1.3)
      DotLiquid (>= 1.8)
      FSharp.Core (>= 3.1.2.5)
      Suave (>= 1.1.3)
